PATH
  remote: .
  specs:
    teamtailor (0.4.0)
      typhoeus (~> 1.3.1)

GEM
  remote: https://rubygems.org/
  specs:
    addressable (2.8.1)
      public_suffix (>= 2.0.2, < 6.0)
    crack (0.4.3)
      safe_yaml (~> 1.0.0)
    diff-lcs (1.5.0)
    ethon (0.14.0)
      ffi (>= 1.15.0)
    ffi (1.15.4)
    hashdiff (1.0.1)
    public_suffix (4.0.7)
    rainbow (3.1.1)
    rake (12.3.3)
    rspec (3.9.0)
      rspec-core (~> 3.9.0)
      rspec-expectations (~> 3.9.0)
      rspec-mocks (~> 3.9.0)
    rspec-core (3.9.1)
      rspec-support (~> 3.9.1)
    rspec-expectations (3.9.4)
      diff-lcs (>= 1.2.0, < 2.0)
      rspec-support (~> 3.9.0)
    rspec-mocks (3.9.1)
      diff-lcs (>= 1.2.0, < 2.0)
      rspec-support (~> 3.9.0)
    rspec-support (3.9.2)
    rubocop (0.7.2)
      rainbow (>= 1.1.4)
    rubocop-rake (0.5.1)
      rubocop
    rubocop-rspec (1.4.0)
    safe_yaml (1.0.5)
    simplecov (0.3.1)
    typhoeus (1.3.1)
      ethon (>= 0.9.0)
    webmock (3.18.1)
      addressable (>= 2.8.0)
      crack (>= 0.3.2)
      hashdiff (>= 0.4.0, < 2.0.0)

PLATFORMS
  ruby

DEPENDENCIES
  rake (~> 12.0)
  rspec (~> 3.0)
  rubocop
  rubocop-rake
  rubocop-rspec
  simplecov
  teamtailor!
  webmock (~> 3.4, >= 3.4.2)

BUNDLED WITH
   2.2.22
